GEM
  remote: https://rubygems.org/
  specs:
    filewatcher (1.0.1)
      trollop (~> 2.1, >= 2.1.2)
    rake (12.3.1)
    trollop (2.1.2)

PLATFORMS
  ruby

DEPENDENCIES
  filewatcher
  rake

BUNDLED WITH
   1.16.1
